GEM
  specs:
    faraday (2.2.0)
      faraday-net_http (~> 2.0)
      ruby2_keywords (>= 0.0.4)
    faraday-net_http (2.0.1)
    ruby2_keywords (0.0.5)

PLATFORMS
  x64-mingw32

DEPENDENCIES
  faraday

BUNDLED WITH
   2.2.32
